GEM
  remote: https://rubygems.org/
  specs:
    haml (4.0.3)
      tilt
    intermine (1.03.00)
      json
    json (1.8.0)
    json (1.8.0-java)
    rack (1.5.2)
    rack-protection (1.5.0)
      rack
    sinatra (1.4.3)
      rack (~> 1.4)
      rack-protection (~> 1.4)
      tilt (~> 1.3, >= 1.3.4)
    tilt (1.4.1)

PLATFORMS
  java
  ruby

DEPENDENCIES
  haml
  intermine (~> 1.03.00)
  sinatra
