GEM
  remote: https://rubygems.org/
  specs:
    backports (3.3.3)
    eventmachine (1.0.3)
    eventmachine (1.0.3-java)
    haml (4.0.3)
      tilt
    intermine (1.04.00)
      json
    json (1.8.0)
    json (1.8.0-java)
    multi_json (1.7.7)
    puma (2.3.1)
      rack (>= 1.1, < 2.0)
    puma (2.3.1-java)
      rack (>= 1.1, < 2.0)
    rack (1.5.2)
    rack-protection (1.5.0)
      rack
    rack-test (0.6.2)
      rack (>= 1.0)
    sinatra (1.4.3)
      rack (~> 1.4)
      rack-protection (~> 1.4)
      tilt (~> 1.3, >= 1.3.4)
    sinatra-contrib (1.4.0)
      backports (>= 2.0)
      eventmachine
      rack-protection
      rack-test
      sinatra (~> 1.4.2)
      tilt (~> 1.3)
    tilt (1.4.1)

PLATFORMS
  java
  ruby

DEPENDENCIES
  haml
  intermine (~> 1.04.00)
  json
  multi_json
  puma
  sinatra
  sinatra-contrib
